GIT
  remote: https://github.com/misteral/endpoint_base
  revision: da5f2365ebd848a09f09093681237011d4c8e714
  specs:
    endpoint_base (0.3)
      activesupport
      jbuilder
      json

PATH
  remote: .
  specs:
    shopify_integration (0.1.0)
      endpoint_base (~> 0.3)
      httparty
      rest-client
      sinatra
      sinatra-logger (~> 0.3.2)
      tilt (~> 2.0.7)
      tilt-jbuilder (~> 0.7.1)

GEM
  remote: https://rubygems.org/
  specs:
    activesupport (4.2.10)
      i18n (~> 0.7)
      minitest (~> 5.1)
      thread_safe (~> 0.3, >= 0.3.4)
      tzinfo (~> 1.1)
    coderay (1.1.2)
    concurrent-ruby (1.0.5)
    domain_name (0.5.20170404)
      unf (>= 0.0.5, < 1.0.0)
    http-cookie (1.0.3)
      domain_name (~> 0.5)
    httparty (0.15.6)
      multi_xml (>= 0.5.2)
    i18n (0.9.1)
      concurrent-ruby (~> 1.0)
    jbuilder (2.0.8)
      activesupport (>= 3.0.0, < 5)
      multi_json (~> 1.2)
    json (2.1.0)
    m (1.5.1)
      method_source (>= 0.6.7)
      rake (>= 0.9.2.2)
    method_source (0.9.0)
    mime-types (3.1)
      mime-types-data (~> 3.2015)
    mime-types-data (3.2016.0521)
    minitest (5.10.3)
    multi_json (1.12.2)
    multi_xml (0.6.0)
    mustermann (1.0.1)
    netrc (0.11.0)
    pry (0.11.2)
      coderay (~> 1.1.0)
      method_source (~> 0.9.0)
    rack (2.0.3)
    rack-protection (2.0.0)
      rack
    rack-test (0.7.0)
      rack (>= 1.0, < 3)
    rake (10.5.0)
    rest-client (2.0.2)
      http-cookie (>= 1.0.2, < 2.0)
      mime-types (>= 1.16, < 4.0)
      netrc (~> 0.8)
    semantic_logger (4.2.0)
      concurrent-ruby (~> 1.0)
    sinatra (2.0.0)
      mustermann (~> 1.0)
      rack (~> 2.0)
      rack-protection (= 2.0.0)
      tilt (~> 2.0)
    sinatra-logger (0.3.2)
      semantic_logger
      sinatra
    thread_safe (0.3.6)
    tilt (2.0.8)
    tilt-jbuilder (0.7.1)
      jbuilder
      tilt (>= 1.3.0, < 3)
    tzinfo (1.2.4)
      thread_safe (~> 0.1)
    unf (0.1.4)
      unf_ext
    unf_ext (0.0.7.4)

PLATFORMS
  ruby

DEPENDENCIES
  bundler (~> 1.15)
  endpoint_base!
  httparty
  m (~> 1.5.0)
  minitest (~> 5.0)
  pry
  rack-test
  rake (~> 10.0)
  rest-client
  shopify_integration!
  sinatra
  sinatra-logger
  tilt
  tilt-jbuilder

BUNDLED WITH
   1.16.0
